GEM
  remote: https://rubygems.org/
  specs:
    OptionParser (0.5.1)
    activesupport (4.2.6)
      i18n (~> 0.7)
      json (~> 1.7, >= 1.7.7)
      minitest (~> 5.1)
      thread_safe (~> 0.3, >= 0.3.4)
      tzinfo (~> 1.1)
    ftools (0.0.0)
    highline (1.7.2)
    i18n (0.7.0)
    json (1.8.3)
    minitest (5.9.0)
    net (0.3.3)
      activesupport
    net-scp (1.2.1)
      net-ssh (>= 2.6.5)
    net-ssh (3.2.0)
    rmagick (2.15.4)
    ruby-progressbar (1.8.1)
    ruby-terminfo (0.1.1)
    thread_safe (0.3.5)
    tzinfo (1.2.2)
      thread_safe (~> 0.1)

PLATFORMS
  ruby

DEPENDENCIES
  OptionParser
  ftools
  highline
  net
  net-scp
  rmagick
  ruby-progressbar
  ruby-terminfo

BUNDLED WITH
   1.11.2
